GIT
  remote: https://github.com/kevin-klein/ruby-minopencv.git
  revision: a5e3469ddeecf5c847510067e077bb5c329eb6d5
  specs:
    minopencv (0.1.0)

GIT
  remote: https://github.com/kschiess/parslet
  revision: f61daf0ef11a7b6ff795043ec8f64a6803e5162b
  specs:
    parslet (2.0.0)

GEM
  remote: https://rubygems.org/
  specs:
    Ascii85 (2.0.1)
    actioncable (7.0.8.7)
      actionpack (= 7.0.8.7)
      activesupport (= 7.0.8.7)
      nio4r (~> 2.0)
      websocket-driver (>= 0.6.1)
    actionmailbox (7.0.8.7)
      actionpack (= 7.0.8.7)
      activejob (= 7.0.8.7)
      activerecord (= 7.0.8.7)
      activestorage (= 7.0.8.7)
      activesupport (= 7.0.8.7)
      mail (>= 2.7.1)
      net-imap
      net-pop
      net-smtp
    actionmailer (7.0.8.7)
      actionpack (= 7.0.8.7)
      actionview (= 7.0.8.7)
      activejob (= 7.0.8.7)
      activesupport (= 7.0.8.7)
      mail (~> 2.5, >= 2.5.4)
      net-imap
      net-pop
      net-smtp
      rails-dom-testing (~> 2.0)
    actionpack (7.0.8.7)
      actionview (= 7.0.8.7)
      activesupport (= 7.0.8.7)
      rack (~> 2.0, >= 2.2.4)
      rack-test (>= 0.6.3)
      rails-dom-testing (~> 2.0)
      rails-html-sanitizer (~> 1.0, >= 1.2.0)
    actiontext (7.0.8.7)
      actionpack (= 7.0.8.7)
      activerecord (= 7.0.8.7)
      activestorage (= 7.0.8.7)
      activesupport (= 7.0.8.7)
      globalid (>= 0.6.0)
      nokogiri (>= 1.8.5)
    actionview (7.0.8.7)
      activesupport (= 7.0.8.7)
      builder (~> 3.1)
      erubi (~> 1.4)
      rails-dom-testing (~> 2.0)
      rails-html-sanitizer (~> 1.1, >= 1.2.0)
    active_median (0.5.0)
      activesupport (>= 7)
    activejob (7.0.8.7)
      activesupport (= 7.0.8.7)
      globalid (>= 0.3.6)
    activemodel (7.0.8.7)
      activesupport (= 7.0.8.7)
    activerecord (7.0.8.7)
      activemodel (= 7.0.8.7)
      activesupport (= 7.0.8.7)
    activerecord-import (2.1.0)
      activerecord (>= 4.2)
    activestorage (7.0.8.7)
      actionpack (= 7.0.8.7)
      activejob (= 7.0.8.7)
      activerecord (= 7.0.8.7)
      activesupport (= 7.0.8.7)
      marcel (~> 1.0)
      mini_mime (>= 1.1.0)
    activesupport (7.0.8.7)
      concurrent-ruby (~> 1.0, >= 1.0.2)
      i18n (>= 1.6, < 2)
      minitest (>= 5.1)
      tzinfo (~> 2.0)
    addressable (2.8.7)
      public_suffix (>= 2.0.2, < 7.0)
    afm (0.2.2)
    amatch (0.4.1)
      mize
      tins (~> 1.0)
    annotate (3.2.0)
      activerecord (>= 3.2, < 8.0)
      rake (>= 10.4, < 14.0)
    ast (2.4.3)
    awesome_print (1.9.2)
    backport (1.2.0)
    base64 (0.2.0)
    bcrypt (3.1.20)
    benchmark (0.4.0)
    bigdecimal (3.1.9)
    bindex (0.8.1)
    bootsnap (1.18.4)
      msgpack (~> 1.2)
    builder (3.3.0)
    cancancan (3.6.1)
    capybara (3.40.0)
      addressable
      matrix
      mini_mime (>= 0.1.3)
      nokogiri (~> 1.11)
      rack (>= 1.6.0)
      rack-test (>= 0.6.3)
      regexp_parser (>= 1.5, < 3.0)
      xpath (~> 3.2)
    chartkick (5.1.5)
    choice (0.2.0)
    concurrent-ruby (1.3.4)
    connection_pool (2.5.0)
    crass (1.0.6)
    csv (3.3.4)
    date (3.4.1)
    debug (1.10.0)
      irb (~> 1.10)
      reline (>= 0.3.8)
    diff-lcs (1.6.1)
    domain_name (0.6.20240107)
    dotenv (2.8.1)
    dotenv-rails (2.8.1)
      dotenv (= 2.8.1)
      railties (>= 3.2)
    erb-formatter (0.4.3)
      syntax_tree (~> 6.0)
    erubi (1.13.1)
    execjs (2.10.0)
    ffi (1.17.2-x86_64-linux-gnu)
    ffi-compiler (1.3.2)
      ffi (>= 1.15.5)
      rake
    fiber-storage (1.0.0)
    globalid (1.2.1)
      activesupport (>= 6.1)
    graphql (2.5.3)
      base64
      fiber-storage
      logger
    hashery (2.1.2)
    http (5.2.0)
      addressable (~> 2.8)
      base64 (~> 0.1)
      http-cookie (~> 1.0)
      http-form_data (~> 2.2)
      llhttp-ffi (~> 0.5.0)
    http-cookie (1.0.8)
      domain_name (~> 0.5)
    http-form_data (2.3.0)
    i18n (1.14.7)
      concurrent-ruby (~> 1.0)
    importmap-rails (2.1.0)
      actionpack (>= 6.0.0)
      activesupport (>= 6.0.0)
      railties (>= 6.0.0)
    io-console (0.8.0)
    irb (1.15.2)
      pp (>= 0.6.0)
      rdoc (>= 4.0.0)
      reline (>= 0.4.2)
    jaro_winkler (1.6.0)
    jbuilder (2.13.0)
      actionview (>= 5.0.0)
      activesupport (>= 5.0.0)
    json (2.10.2)
    kramdown (2.5.1)
      rexml (>= 3.3.9)
    kramdown-parser-gfm (1.1.0)
      kramdown (~> 2.0)
    language_server-protocol (3.17.0.4)
    lbfgsb (0.6.0)
      numo-narray (>= 0.9.1)
    lint_roller (1.1.0)
    llhttp-ffi (0.5.1)
      ffi-compiler (~> 1.0)
      rake (~> 13.0)
    logger (1.7.0)
    loofah (2.24.0)
      crass (~> 1.0.2)
      nokogiri (>= 1.12.0)
    mail (2.8.1)
      mini_mime (>= 0.1.1)
      net-imap
      net-pop
      net-smtp
    marcel (1.0.4)
    matrix (0.4.2)
    message_bus (4.4.1)
      rack (>= 1.1.3)
    method_source (1.1.0)
    mina (1.2.5)
      rake
    mini_mime (1.1.5)
    minitest (5.25.5)
    mize (0.6.1)
    mmh3 (1.2.0)
    msgpack (1.8.0)
    net-imap (0.5.6)
      date
      net-protocol
    net-pop (0.1.2)
      net-protocol
    net-protocol (0.2.2)
      timeout
    net-smtp (0.5.1)
      net-protocol
    nio4r (2.7.4)
    nokogiri (1.18.7-x86_64-linux-gnu)
      racc (~> 1.4)
    numo-narray (0.9.2.1)
    observer (0.1.2)
    ostruct (0.6.1)
    package_json (0.1.0)
    pagy (9.3.4)
    parallel (1.27.0)
    parser (3.3.8.0)
      ast (~> 2.4.1)
      racc
    pdf-reader (2.14.1)
      Ascii85 (>= 1.0, < 3.0, != 2.0.0)
      afm (~> 0.2.1)
      hashery (~> 2.0)
      ruby-rc4
      ttfunk
    pg (1.5.9)
    pkg-config (1.6.0)
    pp (0.6.2)
      prettyprint
    prettier_print (1.2.1)
    prettyprint (0.2.0)
    prism (1.4.0)
    psych (5.2.3)
      date
      stringio
    public_suffix (6.0.1)
    puma (5.6.9)
      nio4r (~> 2.0)
    racc (1.8.1)
    rack (2.2.13)
    rack-proxy (0.7.7)
      rack
    rack-test (2.2.0)
      rack (>= 1.3)
    rails (7.0.8.7)
      actioncable (= 7.0.8.7)
      actionmailbox (= 7.0.8.7)
      actionmailer (= 7.0.8.7)
      actionpack (= 7.0.8.7)
      actiontext (= 7.0.8.7)
      actionview (= 7.0.8.7)
      activejob (= 7.0.8.7)
      activemodel (= 7.0.8.7)
      activerecord (= 7.0.8.7)
      activestorage (= 7.0.8.7)
      activesupport (= 7.0.8.7)
      bundler (>= 1.15.0)
      railties (= 7.0.8.7)
    rails-dom-testing (2.2.0)
      activesupport (>= 5.0.0)
      minitest
      nokogiri (>= 1.6)
    rails-erd (1.7.2)
      activerecord (>= 4.2)
      activesupport (>= 4.2)
      choice (~> 0.2.0)
      ruby-graphviz (~> 1.2)
    rails-html-sanitizer (1.6.2)
      loofah (~> 2.21)
      nokogiri (>= 1.15.7, != 1.16.7, != 1.16.6, != 1.16.5, != 1.16.4, != 1.16.3, != 1.16.2, != 1.16.1, != 1.16.0.rc1, != 1.16.0)
    railties (7.0.8.7)
      actionpack (= 7.0.8.7)
      activesupport (= 7.0.8.7)
      method_source
      rake (>= 12.2)
      thor (~> 1.0)
      zeitwerk (~> 2.5)
    rainbow (3.1.1)
    rake (13.2.1)
    rbs (3.9.2)
      logger
    rdoc (6.13.1)
      psych (>= 4.0.0)
    react_on_rails (14.2.1)
      addressable
      connection_pool
      execjs (~> 2.5)
      rails (>= 5.2)
      rainbow (~> 3.0)
    redis (4.8.1)
    regexp_parser (2.10.0)
    reline (0.6.1)
      io-console (~> 0.5)
    reverse_markdown (3.0.0)
      nokogiri
    rexml (3.4.1)
    rmagick (6.1.1)
      observer (~> 0.1)
      pkg-config (~> 1.4)
    rtesseract (3.1.3)
    rubocop (1.75.2)
      json (~> 2.3)
      language_server-protocol (~> 3.17.0.2)
      lint_roller (~> 1.1.0)
      parallel (~> 1.10)
      parser (>= 3.3.0.2)
      rainbow (>= 2.2.2, < 4.0)
      regexp_parser (>= 2.9.3, < 3.0)
      rubocop-ast (>= 1.44.0, < 2.0)
      ruby-progressbar (~> 1.7)
      unicode-display_width (>= 2.4.0, < 4.0)
    rubocop-ast (1.44.1)
      parser (>= 3.3.7.2)
      prism (~> 1.4)
    rubocop-performance (1.25.0)
      lint_roller (~> 1.1)
      rubocop (>= 1.75.0, < 2.0)
      rubocop-ast (>= 1.38.0, < 2.0)
    rubocop-rails (2.31.0)
      activesupport (>= 4.2.0)
      lint_roller (~> 1.1)
      rack (>= 1.1)
      rubocop (>= 1.75.0, < 2.0)
      rubocop-ast (>= 1.38.0, < 2.0)
    ruby-graphviz (1.2.5)
      rexml
    ruby-lsp (0.23.14)
      language_server-protocol (~> 3.17.0)
      prism (>= 1.2, < 2.0)
      rbs (>= 3, < 4)
      sorbet-runtime (>= 0.5.10782)
    ruby-progressbar (1.13.0)
    ruby-rc4 (0.1.5)
    ruby-vips (2.2.3)
      ffi (~> 1.12)
      logger
    rubyzip (2.4.1)
    rumale (1.0.0)
      numo-narray (>= 0.9.1)
      rumale-clustering (~> 1.0.0)
      rumale-core (~> 1.0.0)
      rumale-decomposition (~> 1.0.0)
      rumale-ensemble (~> 1.0.0)
      rumale-evaluation_measure (~> 1.0.0)
      rumale-feature_extraction (~> 1.0.0)
      rumale-kernel_approximation (~> 1.0.0)
      rumale-kernel_machine (~> 1.0.0)
      rumale-linear_model (~> 1.0.0)
      rumale-manifold (~> 1.0.0)
      rumale-metric_learning (~> 1.0.0)
      rumale-model_selection (~> 1.0.0)
      rumale-naive_bayes (~> 1.0.0)
      rumale-nearest_neighbors (~> 1.0.0)
      rumale-neural_network (~> 1.0.0)
      rumale-pipeline (~> 1.0.0)
      rumale-preprocessing (~> 1.0.0)
      rumale-tree (~> 1.0.0)
    rumale-clustering (1.0.0)
      numo-narray (>= 0.9.1)
      rumale-core (~> 1.0.0)
    rumale-core (1.0.0)
      csv (>= 3.1.9)
      numo-narray (>= 0.9.1)
    rumale-decomposition (1.0.0)
      numo-narray (>= 0.9.1)
      rumale-core (~> 1.0.0)
    rumale-ensemble (1.0.0)
      numo-narray (>= 0.9.1)
      rumale-core (~> 1.0.0)
      rumale-linear_model (~> 1.0.0)
      rumale-model_selection (~> 1.0.0)
      rumale-preprocessing (~> 1.0.0)
      rumale-tree (~> 1.0.0)
    rumale-evaluation_measure (1.0.0)
      numo-narray (>= 0.9.1)
      rumale-core (~> 1.0.0)
    rumale-feature_extraction (1.0.0)
      mmh3 (~> 1.0)
      numo-narray (>= 0.9.1)
      rumale-core (~> 1.0.0)
    rumale-kernel_approximation (1.0.0)
      numo-narray (>= 0.9.1)
      rumale-core (~> 1.0.0)
    rumale-kernel_machine (1.0.0)
      numo-narray (>= 0.9.1)
      rumale-core (~> 1.0.0)
    rumale-linear_model (1.0.0)
      lbfgsb (>= 0.3.0)
      numo-narray (>= 0.9.1)
      rumale-core (~> 1.0.0)
    rumale-manifold (1.0.0)
      numo-narray (>= 0.9.1)
      rumale-core (~> 1.0.0)
      rumale-decomposition (~> 1.0.0)
    rumale-metric_learning (1.0.0)
      lbfgsb (>= 0.3.0)
      numo-narray (>= 0.9.1)
      rumale-core (~> 1.0.0)
      rumale-decomposition (~> 1.0.0)
    rumale-model_selection (1.0.0)
      numo-narray (>= 0.9.1)
      rumale-core (~> 1.0.0)
      rumale-evaluation_measure (~> 1.0.0)
      rumale-preprocessing (~> 1.0.0)
    rumale-naive_bayes (1.0.0)
      numo-narray (>= 0.9.1)
      rumale-core (~> 1.0.0)
    rumale-nearest_neighbors (1.0.0)
      numo-narray (>= 0.9.1)
      rumale-core (~> 1.0.0)
    rumale-neural_network (1.0.0)
      numo-narray (>= 0.9.1)
      rumale-core (~> 1.0.0)
    rumale-pipeline (1.0.0)
      numo-narray (>= 0.9.1)
      rumale-core (~> 1.0.0)
    rumale-preprocessing (1.0.0)
      numo-narray (>= 0.9.1)
      rumale-core (~> 1.0.0)
    rumale-tree (1.0.0)
      numo-narray (>= 0.9.1)
      rumale-core (~> 1.0.0)
    rwordnet (2.0.0)
    selenium-webdriver (4.31.0)
      base64 (~> 0.2)
      logger (~> 1.4)
      rexml (~> 3.2, >= 3.2.5)
      rubyzip (>= 1.2.2, < 3.0)
      websocket (~> 1.0)
    semantic_range (3.1.0)
    shakapacker (8.2.0)
      activesupport (>= 5.2)
      package_json
      rack-proxy (>= 0.6.1)
      railties (>= 5.2)
      semantic_range (>= 2.3.0)
    sidekiq (6.5.12)
      connection_pool (>= 2.2.5, < 3)
      rack (~> 2.0)
      redis (>= 4.5.0, < 5)
    simple_form (5.3.1)
      actionpack (>= 5.2)
      activemodel (>= 5.2)
    solargraph (0.54.0)
      backport (~> 1.2)
      benchmark
      bundler (~> 2.0)
      diff-lcs (~> 1.4)
      jaro_winkler (~> 1.6)
      kramdown (~> 2.3)
      kramdown-parser-gfm (~> 1.1)
      logger (~> 1.6)
      observer (~> 0.1)
      ostruct (~> 0.6)
      parser (~> 3.0)
      rbs (~> 3.3)
      reverse_markdown (>= 2.0, < 4)
      rubocop (~> 1.38)
      thor (~> 1.0)
      tilt (~> 2.0)
      yard (~> 0.9, >= 0.9.24)
      yard-solargraph (~> 0.1)
    sorbet-runtime (0.5.12016)
    standard (1.49.0)
      language_server-protocol (~> 3.17.0.2)
      lint_roller (~> 1.0)
      rubocop (~> 1.75.2)
      standard-custom (~> 1.0.0)
      standard-performance (~> 1.8)
    standard-custom (1.0.2)
      lint_roller (~> 1.0)
      rubocop (~> 1.50)
    standard-performance (1.8.0)
      lint_roller (~> 1.1)
      rubocop-performance (~> 1.25.0)
    stemmify (0.0.2)
    stringio (3.1.6)
    sync (0.5.0)
    syntax_tree (6.2.0)
      prettier_print (>= 1.2.0)
    thor (1.3.2)
    tilt (2.6.0)
    timeout (0.4.3)
    tins (1.38.0)
      bigdecimal
      sync
    ttfunk (1.8.0)
      bigdecimal (~> 3.1)
    turbo-rails (2.0.12)
      actionpack (>= 6.0.0)
      railties (>= 6.0.0)
    tzinfo (2.0.6)
      concurrent-ruby (~> 1.0)
    unicode-display_width (3.1.4)
      unicode-emoji (~> 4.0, >= 4.0.4)
    unicode-emoji (4.0.4)
    victor (0.5.0)
    view_component (2.83.0)
      activesupport (>= 5.2.0, < 8.0)
      concurrent-ruby (~> 1.0)
      method_source (~> 1.0)
    web-console (4.2.1)
      actionview (>= 6.0.0)
      activemodel (>= 6.0.0)
      bindex (>= 0.4.0)
      railties (>= 6.0.0)
    webdrivers (5.2.0)
      nokogiri (~> 1.6)
      rubyzip (>= 1.3.0)
      selenium-webdriver (~> 4.0)
    websocket (1.2.11)
    websocket-driver (0.7.7)
      base64
      websocket-extensions (>= 0.1.0)
    websocket-extensions (0.1.5)
    wicked (2.0.0)
      railties (>= 3.0.7)
    xlsxtream (3.1.0)
      zip_kit (>= 6.2, < 7)
    xpath (3.2.0)
      nokogiri (~> 1.8)
    yard (0.9.37)
    yard-solargraph (0.1.0)
      yard (~> 0.9)
    zeitwerk (2.6.18)
    zip_kit (6.3.2)

PLATFORMS
  x86_64-linux

DEPENDENCIES
  active_median
  activerecord-import
  amatch (~> 0.4.1)
  annotate
  awesome_print
  bcrypt (~> 3.1.7)
  bootsnap
  cancancan
  capybara
  chartkick
  concurrent-ruby (= 1.3.4)
  csv
  debug
  dotenv-rails (~> 2.8)
  erb-formatter (~> 0.4.2)
  graphql
  http
  http-form_data
  importmap-rails
  jbuilder
  matrix
  message_bus
  mina
  minopencv!
  msgpack
  pagy
  parallel
  parslet!
  pdf-reader
  pg
  pkg-config
  puma (~> 5.0)
  rails (~> 7.0.2, >= 7.0.2.3)
  rails-erd
  react_on_rails
  redis (~> 4.0)
  rmagick
  rtesseract
  rubocop-rails
  ruby-lsp
  ruby-progressbar (~> 1.13)
  ruby-vips
  rubyzip
  rumale
  rwordnet (~> 2.0)
  selenium-webdriver
  shakapacker
  sidekiq (~> 6.5)
  simple_form
  solargraph
  standard
  stemmify (~> 0.0.2)
  turbo-rails
  tzinfo-data
  victor
  view_component (~> 2.82)
  web-console
  webdrivers
  wicked
  xlsxtream

RUBY VERSION
   ruby 3.1.6p260

BUNDLED WITH
   2.3.27
